PATH
  remote: .
  specs:
    jimson (0.10.0)
      blankslate (>= 3.1.2)
      multi_json (>= 1.7.6)
      rack (~> 1.4.5)
      rest-client (>= 1.6.7)

GEM
  remote: https://rubygems.org/
  specs:
    blankslate (3.1.3)
    diff-lcs (1.2.4)
    domain_name (0.5.20180417)
      unf (>= 0.0.5, < 1.0.0)
    http-cookie (1.0.3)
      domain_name (~> 0.5)
    json (1.8.0)
    json (1.8.0-java)
    mime-types (2.99.3)
    multi_json (1.13.1)
    netrc (0.11.0)
    rack (1.4.5)
    rack-test (0.6.2)
      rack (>= 1.0)
    rack-timeout (0.5.1)
    rake (10.0.4)
    rcov (1.0.0)
    rdoc (4.0.1)
      json (~> 1.4)
    rest-client (1.8.0)
      http-cookie (>= 1.0.2, < 2.0)
      mime-types (>= 1.16, < 3.0)
      netrc (~> 0.7)
    rspec (2.13.0)
      rspec-core (~> 2.13.0)
      rspec-expectations (~> 2.13.0)
      rspec-mocks (~> 2.13.0)
    rspec-core (2.13.1)
    rspec-expectations (2.13.0)
      diff-lcs (>= 1.1.3, < 2.0)
    rspec-mocks (2.13.1)
    unf (0.1.4)
      unf_ext
    unf (0.1.4-java)
    unf_ext (0.0.7.5)

PLATFORMS
  java
  ruby

DEPENDENCIES
  jimson!
  rack-test
  rack-timeout
  rake
  rcov
  rdoc (>= 2.4.2)
  rspec

BUNDLED WITH
   1.16.4
